GIT
  remote: git@github.com:sujal/rack-reverse-proxy.git
  revision: 6e3b6b3d6ca19c2a71df8262b1880b15aa6c0910
  specs:
    rack-reverse-proxy (0.4.4)
      rack (>= 1.0.0)

GEM
  remote: http://rubygems.org/
  specs:
    dotenv (0.9.0)
    foreman (0.63.0)
      dotenv (>= 0.7)
      thor (>= 0.13.6)
    hiredis (0.4.5)
    json (1.8.0)
    rack (1.5.2)
    rack-protection (1.5.0)
      rack
    redis (3.0.5)
    sinatra (1.4.3)
      rack (~> 1.4)
      rack-protection (~> 1.4)
      tilt (~> 1.3, >= 1.3.4)
    thor (0.18.1)
    tilt (1.4.1)

PLATFORMS
  ruby

DEPENDENCIES
  foreman
  hiredis
  json
  rack-reverse-proxy!
  redis (>= 2.2.0)
  sinatra
